GEM
  remote: https://rubygems.org/
  specs:
    rack (2.2.3)
    shotgun (0.9.2)
      rack (>= 1.0)

PLATFORMS
  ruby

DEPENDENCIES
  shotgun

BUNDLED WITH
   2.1.4
